PATH
  remote: .
  specs:
    clockworksms (1.0.0)
      faraday
      nokogiri

GEM
  remote: https://rubygems.org/
  specs:
    columnize (0.3.6)
    debugger-linecache (1.1.2)
      debugger-ruby_core_source (>= 1.1.1)
    debugger-ruby_core_source (1.2.0)
    diff-lcs (1.1.3)
    faraday (0.8.6)
      multipart-post (~> 1.1)
    multipart-post (1.2.0)
    needy_debugger (1.4.0)
      columnize (>= 0.3.1)
      debugger-linecache (~> 1.1.1)
      debugger-ruby_core_source (~> 1.2.0)
    nokogiri (1.5.6)
    rake (0.9.2.2)
    rake-compiler (0.8.3)
      rake
    rspec (2.10.0)
      rspec-core (~> 2.10.0)
      rspec-expectations (~> 2.10.0)
      rspec-mocks (~> 2.10.0)
    rspec-core (2.10.0)
    rspec-expectations (2.10.0)
      diff-lcs (~> 1.1.3)
    rspec-mocks (2.10.1)

PLATFORMS
  ruby

DEPENDENCIES
  clockworksms!
  needy_debugger
  rake
  rake-compiler
  rspec
