PATH
  remote: .
  specs:
    clockworksms (1.2.1)
      faraday (~> 0.8)
      nokogiri (>= 1.5.2, < 1.12.0)

GEM
  remote: https://rubygems.org/
  specs:
    diff-lcs (1.4.4)
    faraday (0.17.4)
      multipart-post (>= 1.2, < 3)
    mini_portile2 (2.5.1)
    multipart-post (2.1.1)
    nokogiri (1.11.4)
      mini_portile2 (~> 2.5.0)
      racc (~> 1.4)
    racc (1.5.2)
    rake (13.0.3)
    rake-compiler (1.1.1)
      rake
    rspec (3.10.0)
      rspec-core (~> 3.10.0)
      rspec-expectations (~> 3.10.0)
      rspec-mocks (~> 3.10.0)
    rspec-core (3.10.1)
      rspec-support (~> 3.10.0)
    rspec-expectations (3.10.1)
      diff-lcs (>= 1.2.0, < 2.0)
      rspec-support (~> 3.10.0)
    rspec-mocks (3.10.2)
      diff-lcs (>= 1.2.0, < 2.0)
      rspec-support (~> 3.10.0)
    rspec-support (3.10.2)

PLATFORMS
  ruby

DEPENDENCIES
  clockworksms!
  rake-compiler
  rspec (~> 3.1)
