PATH
  remote: .
  specs:
    clockworksms (1.2.1)
      faraday (~> 0.8)
      nokogiri (>= 1.5.2, < 1.14.0)

GEM
  remote: https://rubygems.org/
  specs:
    diff-lcs (1.5.0)
    faraday (0.17.5)
      multipart-post (>= 1.2, < 3)
    mini_portile2 (2.8.0)
    multipart-post (2.2.3)
    nokogiri (1.13.8)
      mini_portile2 (~> 2.8.0)
      racc (~> 1.4)
    racc (1.6.0)
    rake (13.0.6)
    rake-compiler (1.2.0)
      rake
    rspec (3.11.0)
      rspec-core (~> 3.11.0)
      rspec-expectations (~> 3.11.0)
      rspec-mocks (~> 3.11.0)
    rspec-core (3.11.0)
      rspec-support (~> 3.11.0)
    rspec-expectations (3.11.1)
      diff-lcs (>= 1.2.0, < 2.0)
      rspec-support (~> 3.11.0)
    rspec-mocks (3.11.1)
      diff-lcs (>= 1.2.0, < 2.0)
      rspec-support (~> 3.11.0)
    rspec-support (3.11.1)

PLATFORMS
  ruby

DEPENDENCIES
  clockworksms!
  rake-compiler
  rspec (~> 3.1)
