PATH
  remote: .
  specs:
    shutl-clockworksms (1.0.1)
      faraday
      nokogiri

GEM
  remote: https://rubygems.org/
  specs:
    columnize (0.3.6)
    debugger-linecache (1.1.2)
      debugger-ruby_core_source (>= 1.1.1)
    debugger-ruby_core_source (1.2.0)
    diff-lcs (1.1.3)
    faraday (0.8.8)
      multipart-post (~> 1.2.0)
    httparty (0.11.0)
      multi_json (~> 1.0)
      multi_xml (>= 0.5.2)
    license_finder (0.9.2)
      bundler
      httparty
      rake
      sequel
      sqlite3
      thor
    mini_portile (0.5.1)
    multi_json (1.8.0)
    multi_xml (0.5.5)
    multipart-post (1.2.0)
    needy_debugger (1.4.0)
      columnize (>= 0.3.1)
      debugger-linecache (~> 1.1.1)
      debugger-ruby_core_source (~> 1.2.0)
    nokogiri (1.6.0)
      mini_portile (~> 0.5.0)
    rake (0.9.2.2)
    rake-compiler (0.8.3)
      rake
    rspec (2.10.0)
      rspec-core (~> 2.10.0)
      rspec-expectations (~> 2.10.0)
      rspec-mocks (~> 2.10.0)
    rspec-core (2.10.0)
    rspec-expectations (2.10.0)
      diff-lcs (~> 1.1.3)
    rspec-mocks (2.10.1)
    sequel (4.2.0)
    sqlite3 (1.3.8)
    thor (0.18.1)

PLATFORMS
  ruby

DEPENDENCIES
  license_finder
  needy_debugger
  rake
  rake-compiler
  rspec
  shutl-clockworksms!
